GEM
  remote: https://rubygems.org/
  specs:
    activesupport (4.2.10)
      i18n (~> 0.7)
      minitest (~> 5.1)
      thread_safe (~> 0.3, >= 0.3.4)
      tzinfo (~> 1.1)
    artii (2.1.2)
    awesome_print (1.8.0)
    concurrent-ruby (1.0.5)
    configatron (3.2.0)
    deep_merge (1.0.1)
    diff-lcs (1.3)
    diffy (3.2.0)
    facter (2.4.6)
    falkorlib (0.7.9)
      activesupport (~> 4.0)
      artii (>= 2.1)
      awesome_print (~> 1.2)
      configatron (~> 3.2)
      deep_merge (~> 1.0.1)
      diffy (>= 3.0)
      facter (~> 2.4.1)
      git_remote_branch (~> 0)
      json (~> 1.8)
      license-generator (~> 0)
      logger (>= 1.2.8)
      minigit (~> 0)
      rake (~> 10.1, >= 10.1.0)
      term-ansicolor (~> 1.3)
      thor (>= 0.19)
      thor-zsh_completion
    fast_gettext (1.1.2)
    git_remote_branch (0.3.8)
    hiera (3.4.2)
    i18n (0.9.5)
      concurrent-ruby (~> 1.0)
    json (1.8.6)
    license-generator (0.4.1)
      thor
    locale (2.1.2)
    logger (1.2.8)
    minigit (0.0.4)
    minitest (5.11.3)
    multi_json (1.13.1)
    puppet (5.5.0)
      facter (> 2.0.1, < 4)
      fast_gettext (~> 1.1.2)
      hiera (>= 3.2.1, < 4)
      locale (~> 2.1)
      multi_json (~> 1.10)
    puppet-lint (2.3.5)
    puppet-syntax (2.4.1)
      rake
    rake (10.5.0)
    rspec (3.7.0)
      rspec-core (~> 3.7.0)
      rspec-expectations (~> 3.7.0)
      rspec-mocks (~> 3.7.0)
    rspec-core (3.7.1)
      rspec-support (~> 3.7.0)
    rspec-expectations (3.7.0)
      diff-lcs (>= 1.2.0, < 2.0)
      rspec-support (~> 3.7.0)
    rspec-mocks (3.7.0)
      diff-lcs (>= 1.2.0, < 2.0)
      rspec-support (~> 3.7.0)
    rspec-puppet (2.6.11)
      rspec
    rspec-support (3.7.1)
    term-ansicolor (1.6.0)
      tins (~> 1.0)
    thor (0.20.0)
    thor-zsh_completion (0.1.4)
      thor (~> 0)
    thread_safe (0.3.6)
    tins (1.16.3)
    tzinfo (1.2.5)
      thread_safe (~> 0.1)

PLATFORMS
  ruby

DEPENDENCIES
  facter (>= 1.7.0)
  falkorlib
  puppet (>= 3.3)
  puppet-lint (>= 0.3.2)
  puppet-syntax
  rspec-puppet

BUNDLED WITH
   1.16.0
